GEM
  remote: https://rubygems.org/
  specs:
    chronic (0.10.2)
    daemons (1.2.3)
    dotenv (2.0.2)
    eventmachine (1.0.8)
    httmultiparty (0.3.16)
      httparty (>= 0.7.3)
      mimemagic
      multipart-post
    httparty (0.13.5)
      json (~> 1.8)
      multi_xml (>= 0.5.2)
    json (1.8.3)
    mimemagic (0.3.0)
    multi_xml (0.5.5)
    multipart-post (2.0.0)
    rack (1.6.4)
    rack-protection (1.5.3)
      rack
    shotgun (0.9.1)
      rack (>= 1.0)
    sinatra (1.4.6)
      rack (~> 1.4)
      rack-protection (~> 1.4)
      tilt (>= 1.3, < 3)
    slackbotsy (0.4.2)
      httmultiparty
      json
      sinatra
    thin (1.6.3)
      daemons (~> 1.0, >= 1.0.9)
      eventmachine (~> 1.0)
      rack (~> 1.0)
    tilt (2.0.1)

PLATFORMS
  ruby

DEPENDENCIES
  chronic
  dotenv
  shotgun
  sinatra
  slackbotsy
  thin

BUNDLED WITH
   1.10.6
